GEM
  remote: https://rubygems.org/
  specs:
    ansi (1.5.0)
    builder (3.2.4)
    docile (1.4.0)
    minitest (5.16.3)
    minitest-reporters (1.5.0)
      ansi
      builder
      minitest (>= 5.0)
      ruby-progressbar
    rake (13.0.6)
    ruby-progressbar (1.11.0)
    simplecov (0.21.2)
      docile (~> 1.1)
      simplecov-html (~> 0.11)
      simplecov_json_formatter (~> 0.1)
    simplecov-html (0.12.3)
    simplecov_json_formatter (0.1.4)

PLATFORMS
  arm64-darwin-21

DEPENDENCIES
  minitest (~> 5.16)
  minitest-reporters (~> 1.5)
  rake
  simplecov

RUBY VERSION
   ruby 3.1.2p20

BUNDLED WITH
   2.3.7
